PATH
  remote: .
  specs:
    surveymonkey (0.1.0)
      httparty (~> 0.13)
      json (~> 1.8)
      logging (~> 2)

GEM
  remote: https://rubygems.org/
  specs:
    coderay (1.1.0)
    diff-lcs (1.2.5)
    httparty (0.13.3)
      json (~> 1.8)
      multi_xml (>= 0.5.2)
    json (1.8.2)
    little-plugger (1.1.3)
    logging (2.0.0)
      little-plugger (~> 1.1)
      multi_json (~> 1.10)
    method_source (0.8.2)
    multi_json (1.11.0)
    multi_xml (0.5.5)
    pry (0.10.1)
      coderay (~> 1.1.0)
      method_source (~> 0.8.1)
      slop (~> 3.4)
    rake (10.4.2)
    rspec (2.99.0)
      rspec-core (~> 2.99.0)
      rspec-expectations (~> 2.99.0)
      rspec-mocks (~> 2.99.0)
    rspec-core (2.99.2)
    rspec-expectations (2.99.2)
      diff-lcs (>= 1.1.3, < 2.0)
    rspec-mocks (2.99.3)
    rubygems-tasks (0.2.4)
    slop (3.6.0)

PLATFORMS
  ruby

DEPENDENCIES
  bundler (>= 1.7)
  pry (~> 0.10)
  rake (~> 10.0)
  rspec (~> 2.4)
  rubygems-tasks (~> 0.2)
  surveymonkey!
